GEM
  remote: http://rubygems.org/
  specs:
    celluloid (0.6.2)
    haml (3.1.4)
    jruby-rack (1.1.1)
    json (1.6.3-java)
    kramdown (0.13.3)
    rack (1.3.5)
    rack-protection (1.1.4)
      rack
    sinatra (1.3.1)
      rack (~> 1.3, >= 1.3.4)
      rack-protection (~> 1.1, >= 1.1.2)
      tilt (~> 1.3, >= 1.3.3)
    tilt (1.3.3)
    trinidad (1.2.3)
      jruby-rack (>= 1.0.9)
      trinidad_jars (>= 1.0.1)
    trinidad_jars (1.0.1)

PLATFORMS
  java

DEPENDENCIES
  celluloid
  haml
  json
  kramdown
  rack
  sinatra
  trinidad
